GEM
  remote: http://rubygems.org/
  specs:
    actionmailer (2.3.2)
      actionpack (= 2.3.2)
    actionpack (2.3.2)
      activesupport (= 2.3.2)
    activerecord (2.3.2)
      activesupport (= 2.3.2)
    activeresource (2.3.2)
      activesupport (= 2.3.2)
    activesupport (2.3.2)
    builder (3.0.0)
    feedtools (0.2.29)
      activerecord (>= 1.10.1)
      builder (>= 1.2.4)
      uuidtools (>= 1.0.0)
    gchart (1.0.0)
    hpricot (0.8.3)
    htmlentities (4.2.2)
    json (1.4.6)
    mime-types (1.16)
    mysql (2.8.1)
    newrelic_rpm (2.13.3)
    oauth (0.4.4)
    rails (2.3.2)
      actionmailer (= 2.3.2)
      actionpack (= 2.3.2)
      activerecord (= 2.3.2)
      activeresource (= 2.3.2)
      activesupport (= 2.3.2)
      rake (>= 0.8.3)
    rake (0.8.7)
    right_aws (2.0.0)
      right_http_connection (>= 1.2.1)
    right_http_connection (1.2.4)
    rmagick (2.13.1)
    subdomain-fu (0.5.4)
    twitter4r (0.6.0)
      json (>= 1.1.1)
      oauth (>= 0.4.1)
    twitterdispatch (0.0.2)
    uuidtools (2.1.1)
    youtube-g (0.5.0)

PLATFORMS
  ruby

DEPENDENCIES
  feedtools
  gchart
  hpricot
  htmlentities
  mime-types
  mysql
  newrelic_rpm
  rails (= 2.3.2)
  right_aws
  rmagick
  subdomain-fu
  twitter4r
  twitterdispatch
  youtube-g
